GEM
  remote: https://rubygems.org/
  specs:
    arr-pm (0.0.10)
      cabin (> 0)
    backports (3.6.4)
    cabin (0.7.1)
    childprocess (0.5.6)
      ffi (~> 1.0, >= 1.0.11)
    clamp (0.6.5)
    coderay (1.1.0)
    colorize (0.7.7)
    ffi (1.9.8)
    fpm (1.3.3)
      arr-pm (~> 0.0.9)
      backports (>= 2.6.2)
      cabin (>= 0.6.0)
      childprocess
      clamp (~> 0.6)
      ffi
      json (>= 1.7.7)
    highline (1.7.2)
    json (1.8.3)
    json_pure (1.8.2)
    method_source (0.8.2)
    mime-types (1.25.1)
    package_cloud (0.2.19)
      colorize (~> 0.6)
      highline (~> 1.6)
      json_pure (~> 1.8)
      rest-client (~> 1.6)
      thor (~> 0.18)
    pry (0.10.1)
      coderay (~> 1.1.0)
      method_source (~> 0.8.1)
      slop (~> 3.4)
    rack (1.6.4)
    rack-protection (1.5.3)
      rack
    rake (10.4.2)
    rdoc (4.2.0)
    rest-client (1.6.8)
      mime-types (~> 1.16)
      rdoc (>= 2.4.2)
    sinatra (1.4.7)
      rack (~> 1.5)
      rack-protection (~> 1.4)
      tilt (>= 1.3, < 3)
    slop (3.6.0)
    thor (0.19.1)
    tilt (2.0.2)

PLATFORMS
  ruby

DEPENDENCIES
  fpm
  package_cloud
  pry
  rake
  rest-client
  sinatra

BUNDLED WITH
   1.10.6
